GIT
  remote: git://github.com/danbeaulieu/money-rails.git
  revision: bfe48efc226be9287d3577dc7a6e847315ea93d9
  specs:
    money-rails (0.7.0)
      activesupport (~> 3.0)
      money (~> 5.1.0)
      railties (~> 3.0)

GIT
  remote: git://github.com/danbeaulieu/rails_admin.git
  revision: 37ffea7f4bfd95c17fe318772cef390fc3e78d53
  specs:
    rails_admin (0.0.5)
      bbenezech-nested_form (~> 0.0.6)
      bootstrap-sass (~> 2.0, >= 2.0.3)
      builder (~> 3.0)
      coffee-rails (~> 3.1)
      haml (~> 3.1)
      jquery-rails (>= 1.0.17)
      jquery-ui-rails (>= 0.5, < 2)
      kaminari (~> 0.12)
      rack-pjax (~> 0.5)
      rails (~> 3.1)
      remotipart (~> 1.0)
      sass-rails (~> 3.1)

GEM
  remote: https://rubygems.org/
  specs:
    actionmailer (3.2.11)
      actionpack (= 3.2.11)
      mail (~> 2.4.4)
    actionpack (3.2.11)
      activemodel (= 3.2.11)
      activesupport (= 3.2.11)
      builder (~> 3.0.0)
      erubis (~> 2.7.0)
      journey (~> 1.0.4)
      rack (~> 1.4.0)
      rack-cache (~> 1.2)
      rack-test (~> 0.6.1)
      sprockets (~> 2.2.1)
    activemodel (3.2.11)
      activesupport (= 3.2.11)
      builder (~> 3.0.0)
    activerecord (3.2.11)
      activemodel (= 3.2.11)
      activesupport (= 3.2.11)
      arel (~> 3.0.2)
      tzinfo (~> 0.3.29)
    activeresource (3.2.11)
      activemodel (= 3.2.11)
      activesupport (= 3.2.11)
    activesupport (3.2.11)
      i18n (~> 0.6)
      multi_json (~> 1.0)
    addressable (2.3.2)
    arel (3.0.2)
    aws-sdk (1.3.9)
      httparty (~> 0.7)
      json (~> 1.4)
      nokogiri (>= 1.4.4)
      uuidtools (~> 2.1)
    bbenezech-nested_form (0.0.6)
    bcrypt-ruby (3.0.1)
    better_errors (1.0.1)
      coderay (>= 1.0.0)
      erubis (>= 2.6.6)
    binding_of_caller (0.7.2)
      debug_inspector (>= 0.0.1)
    bootstrap-datepicker-rails (0.6.24)
      railties (>= 3.0)
    bootstrap-sass (2.2.2.0)
      sass (~> 3.2)
    builder (3.0.4)
    cancan (1.6.8)
    capybara (1.1.3)
      mime-types (>= 1.16)
      nokogiri (>= 1.3.3)
      rack (>= 1.0.0)
      rack-test (>= 0.5.4)
      selenium-webdriver (~> 2.0)
      xpath (~> 0.1.4)
    childprocess (0.3.6)
      ffi (~> 1.0, >= 1.0.6)
    ckeditor_rails (4.3.1)
      railties (>= 3.0)
    climate_control (0.0.3)
      activesupport (>= 3.0)
    cocaine (0.5.3)
      climate_control (>= 0.0.3, < 1.0)
    cocoon (1.2.3)
    coderay (1.1.0)
    coffee-rails (3.2.2)
      coffee-script (>= 2.2.0)
      railties (~> 3.2.0)
    coffee-script (2.2.0)
      coffee-script-source
      execjs
    coffee-script-source (1.4.0)
    columnize (0.3.6)
    country-select (1.1.1)
    cucumber (1.2.1)
      builder (>= 2.1.2)
      diff-lcs (>= 1.1.3)
      gherkin (~> 2.11.0)
      json (>= 1.4.6)
    cucumber-rails (1.3.0)
      capybara (>= 1.1.2)
      cucumber (>= 1.1.8)
      nokogiri (>= 1.5.0)
    daemons (1.1.9)
    database_cleaner (0.9.1)
    debug_inspector (0.0.2)
    debugger (1.6.2)
      columnize (>= 0.3.1)
      debugger-linecache (~> 1.2.0)
      debugger-ruby_core_source (~> 1.2.3)
    debugger-linecache (1.2.0)
    debugger-ruby_core_source (1.2.3)
    delayed_job (3.0.3)
      activesupport (~> 3.0)
    delayed_job_active_record (0.3.3)
      activerecord (>= 2.1.0, < 4)
      delayed_job (~> 3.0)
    devise (2.1.2)
      bcrypt-ruby (~> 3.0)
      orm_adapter (~> 0.1)
      railties (~> 3.1)
      warden (~> 1.2.1)
    diff-lcs (1.1.3)
    dynamic_form (1.1.4)
    erubis (2.7.0)
    eventmachine (1.0.3)
    execjs (1.4.0)
      multi_json (~> 1.0)
    factory_girl (3.6.2)
      activesupport (>= 3.0.0)
    factory_girl_rails (3.6.0)
      factory_girl (~> 3.6.0)
      railties (>= 3.0.0)
    ffi (1.1.5)
    gherkin (2.11.5)
      json (>= 1.4.6)
    globalize3 (0.3.1)
      activemodel (>= 3.0.0)
      activerecord (>= 3.0.0)
      paper_trail (~> 2)
    haml (3.1.7)
    hike (1.2.1)
    httparty (0.9.0)
      multi_json (~> 1.0)
      multi_xml
    i18n (0.6.1)
    journey (1.0.4)
    jquery-rails (2.1.3)
      railties (>= 3.1.0, < 5.0)
      thor (~> 0.14)
    jquery-ui-rails (1.1.1)
      jquery-rails
      railties (>= 3.1.0)
    json (1.7.6)
    jsonschema (2.0.2)
    kaminari (0.14.1)
      actionpack (>= 3.0.0)
      activesupport (>= 3.0.0)
    kgio (2.9.2)
    libwebsocket (0.1.5)
      addressable
    mail (2.4.4)
      i18n (>= 0.4.0)
      mime-types (~> 1.16)
      treetop (~> 1.4.8)
    mime-types (1.19)
    monadic (0.7.0)
    money (5.1.0)
      i18n (~> 0.6.0)
    multi_json (1.5.0)
    multi_xml (0.5.1)
    nokogiri (1.5.5)
    orm_adapter (0.4.0)
    paper_trail (2.7.2)
      activerecord (~> 3.0)
      railties (~> 3.0)
    paperclip (4.1.1)
      activemodel (>= 3.0.0)
      activesupport (>= 3.0.0)
      cocaine (~> 0.5.3)
      mime-types
    paypal_adaptive (0.3.4)
      json (~> 1.0)
      jsonschema (~> 2.0.0)
    pg (0.14.1)
    polyglot (0.3.3)
    rack (1.4.3)
    rack-cache (1.2)
      rack (>= 0.4)
    rack-pjax (0.6.0)
      nokogiri (~> 1.5)
      rack (~> 1.3)
    rack-ssl (1.3.2)
      rack
    rack-test (0.6.2)
      rack (>= 1.0)
    rails (3.2.11)
      actionmailer (= 3.2.11)
      actionpack (= 3.2.11)
      activerecord (= 3.2.11)
      activeresource (= 3.2.11)
      activesupport (= 3.2.11)
      bundler (~> 1.0)
      railties (= 3.2.11)
    rails-i18n (0.7.0)
      i18n (~> 0.5)
    railties (3.2.11)
      actionpack (= 3.2.11)
      activesupport (= 3.2.11)
      rack-ssl (~> 1.3.2)
      rake (>= 0.8.7)
      rdoc (~> 3.4)
      thor (>= 0.14.6, < 2.0)
    raindrops (0.13.0)
    rake (10.0.3)
    rdoc (3.12)
      json (~> 1.4)
    remotipart (1.0.2)
    rspec (2.11.0)
      rspec-core (~> 2.11.0)
      rspec-expectations (~> 2.11.0)
      rspec-mocks (~> 2.11.0)
    rspec-core (2.11.1)
    rspec-expectations (2.11.3)
      diff-lcs (~> 1.1.3)
    rspec-mocks (2.11.3)
    rspec-rails (2.11.4)
      actionpack (>= 3.0)
      activesupport (>= 3.0)
      railties (>= 3.0)
      rspec (~> 2.11.0)
    rubyzip (0.9.9)
    safety_mailer (0.0.3)
    sass (3.2.2)
    sass-rails (3.2.5)
      railties (~> 3.2.0)
      sass (>= 3.1.10)
      tilt (~> 1.3)
    selenium-webdriver (2.26.0)
      childprocess (>= 0.2.5)
      libwebsocket (~> 0.1.3)
      multi_json (~> 1.0)
      rubyzip
    sprockets (2.2.2)
      hike (~> 1.2)
      multi_json (~> 1.0)
      rack (~> 1.0)
      tilt (~> 1.1, != 1.3.0)
    thin (1.6.1)
      daemons (>= 1.0.9)
      eventmachine (>= 1.0.0)
      rack (>= 1.0.0)
    thor (0.16.0)
    tilt (1.3.3)
    treetop (1.4.12)
      polyglot
      polyglot (>= 0.3.1)
    tzinfo (0.3.35)
    uglifier (1.3.0)
      execjs (>= 0.3.0)
      multi_json (~> 1.0, >= 1.0.2)
    unicorn (4.8.3)
      kgio (~> 2.6)
      rack
      raindrops (~> 0.7)
    uuidtools (2.1.3)
    warden (1.2.1)
      rack (>= 1.0)
    wicked (0.3.1)
      activesupport (>= 3.0.7)
      rails (>= 3.0.7)
    will_paginate (3.0.5)
    xpath (0.1.4)
      nokogiri (~> 1.3)

PLATFORMS
  ruby

DEPENDENCIES
  aws-sdk (~> 1.3.4)
  better_errors
  binding_of_caller
  bootstrap-datepicker-rails
  bootstrap-sass (~> 2.2.2.0)
  cancan
  capybara
  ckeditor_rails
  cocoon
  coffee-rails (~> 3.2.1)
  country-select
  cucumber-rails
  database_cleaner
  debugger
  delayed_job_active_record
  devise
  dynamic_form
  factory_girl_rails (~> 3.0)
  globalize3
  haml
  jquery-rails
  monadic
  money-rails!
  paperclip (~> 4.0)
  paypal_adaptive
  pg
  rails (= 3.2.11)
  rails-i18n
  rails_admin!
  rspec-rails
  safety_mailer
  sass-rails (~> 3.2)
  thin
  uglifier (>= 1.0.3)
  unicorn
  wicked
  will_paginate
